GEM
  remote: http://rubygems.org/
  specs:
    RedCloth (4.2.3)
    chunky_png (1.2.0)
    classifier (1.3.3)
      fast-stemmer (>= 1.0.0)
    compass (0.11.5)
      chunky_png (~> 1.2)
      fssm (>= 0.2.7)
      sass (~> 3.1)
    directory_watcher (1.3.2)
    fast-stemmer (1.0.0)
    fssm (0.2.7)
    gsl (1.14.5)
      narray (>= 0.5.9)
    haml (3.1.2)
    jekyll (0.7.0)
      classifier (>= 1.3.1)
      directory_watcher (>= 1.1.1)
      liquid (>= 1.9.0)
      maruku (>= 0.5.9)
    liquid (2.2.2)
    maruku (0.6.0)
      syntax (>= 1.0.0)
    narray (0.5.9.9)
    rack (1.2.1)
    rack-jekyll (0.3.5)
      jekyll
      rack
    rb-fsevent (0.4.1)
    rdiscount (1.6.5)
    sass (3.1.4)
    shotgun (0.8)
      rack (>= 1.0)
    syntax (1.0.0)

PLATFORMS
  ruby

DEPENDENCIES
  RedCloth
  compass (>= 0.11)
  gsl
  haml (>= 3.1)
  jekyll
  rack-jekyll
  rb-fsevent (>= 0.4)
  rdiscount
  sass (>= 3.1)
  shotgun
