GEM
  remote: http://rubygems.org/
  specs:
    RedCloth (4.2.3)
    classifier (1.3.3)
      fast-stemmer (>= 1.0.0)
    compass (0.10.5)
      haml (>= 3.0.4)
    directory_watcher (1.3.2)
    fast-stemmer (1.0.0)
    haml (3.0.18)
    jekyll (0.7.0)
      classifier (>= 1.3.1)
      directory_watcher (>= 1.1.1)
      liquid (>= 1.9.0)
      maruku (>= 0.5.9)
    liquid (2.2.2)
    maruku (0.6.0)
      syntax (>= 1.0.0)
    rack (1.2.1)
    rack-jekyll (0.3.5)
      jekyll
      rack
    rdiscount (1.6.5)
    shotgun (0.8)
      rack (>= 1.0)
    syntax (1.0.0)

PLATFORMS
  ruby

DEPENDENCIES
  RedCloth
  compass
  jekyll
  rack-jekyll
  rdiscount
  shotgun
